GEM
  remote: https://rubygems.org/
  specs:
    colorize (0.8.1)
    equatable (0.6.1)
    necromancer (0.6.0)
    power_assert (1.1.6)
    sounder (1.2.0)
    strings (0.1.8)
      strings-ansi (~> 0.1)
      unicode-display_width (~> 1.5)
      unicode_utils (~> 1.4)
    strings-ansi (0.2.0)
    test-unit (3.3.5)
      power_assert
    tty (0.1.0)
    tty-color (0.5.1)
    tty-screen (0.7.1)
    tty-table (0.11.0)
      equatable (~> 0.6)
      necromancer (~> 0.5)
      pastel (~> 0.7.2)
      strings (~> 0.1.5)
      tty-screen (~> 0.7)
    unicode-display_width (1.6.1)
    unicode_utils (1.4.0)

PLATFORMS
  ruby

DEPENDENCIES
  colorize (~> 0.8.1)
  sounder (~> 1.2)
  test-unit (~> 3.3)
  tty (~> 0.1.0)
  tty-table (~> 0.11.0)
  tty-prompt (~> 0.21.0)

BUNDLED WITH
   2.1.4
